GEM
  remote: https://rubygems.org/
  specs:
    coderay (1.1.2)
    ffi (1.9.23)
    formatador (0.2.5)
    guard (2.14.2)
      formatador (>= 0.2.4)
      listen (>= 2.7, < 4.0)
      lumberjack (>= 1.0.12, < 2.0)
      nenv (~> 0.1)
      notiffany (~> 0.0)
      pry (>= 0.9.12)
      shellany (~> 0.0)
      thor (>= 0.18.1)
    guard-shotgun (0.4.0)
      ffi
      guard (~> 2.0)
      spoon
    listen (3.1.5)
      rb-fsevent (~> 0.9, >= 0.9.4)
      rb-inotify (~> 0.9, >= 0.9.7)
      ruby_dep (~> 1.2)
    lumberjack (1.0.12)
    method_source (0.9.0)
    mustermann (1.0.2)
    nenv (0.3.0)
    notiffany (0.1.1)
      nenv (~> 0.1)
      shellany (~> 0.0)
    pry (0.11.3)
      coderay (~> 1.1.0)
      method_source (~> 0.9.0)
    rack (2.2.6.4)
    rack-protection (2.0.1)
      rack
    rb-fsevent (0.10.2)
    rb-inotify (0.9.10)
      ffi (>= 0.5.0, < 2)
    ruby_dep (1.5.0)
    shellany (0.0.1)
    sinatra (2.0.1)
      mustermann (~> 1.0)
      rack (~> 2.0)
      rack-protection (= 2.0.1)
      tilt (~> 2.0)
    spoon (0.0.6)
      ffi
    thor (0.20.0)
    tilt (2.0.8)

PLATFORMS
  ruby

DEPENDENCIES
  guard
  guard-shotgun
  sinatra

BUNDLED WITH
   1.16.1
